GIT
  remote: git://github.com/activeadmin/activeadmin.git
  revision: fff266c54b4f69b32977f2e322eba242883ad375
  specs:
    activeadmin (1.0.0.pre4)
      arbre (~> 1.0, >= 1.0.2)
      bourbon
      coffee-rails
      formtastic (~> 3.1)
      formtastic_i18n
      inherited_resources (~> 1.6)
      jquery-rails
      jquery-ui-rails
      kaminari (>= 0.15, < 2.0)
      railties (>= 3.2, < 5.1)
      ransack (~> 1.3)
      sass-rails
      sprockets (< 4.1)

GEM
  remote: http://rubygems.org/
  specs:
    actionmailer (4.1.9)
      actionpack (= 4.1.9)
      actionview (= 4.1.9)
      mail (~> 2.5, >= 2.5.4)
    actionpack (4.1.9)
      actionview (= 4.1.9)
      activesupport (= 4.1.9)
      rack (~> 1.5.2)
      rack-test (~> 0.6.2)
    actionview (4.1.9)
      activesupport (= 4.1.9)
      builder (~> 3.1)
      erubis (~> 2.7.0)
    activemodel (4.1.9)
      activesupport (= 4.1.9)
      builder (~> 3.1)
    activerecord (4.1.9)
      activemodel (= 4.1.9)
      activesupport (= 4.1.9)
      arel (~> 5.0.0)
    activesupport (4.1.9)
      i18n (~> 0.6, >= 0.6.9)
      json (~> 1.7, >= 1.7.7)
      minitest (~> 5.1)
      thread_safe (~> 0.1)
      tzinfo (~> 1.1)
    addressable (2.5.0)
      public_suffix (~> 2.0, >= 2.0.2)
    angularjs-rails (1.6.1)
    arbre (1.1.1)
      activesupport (>= 3.0.0)
    archive-zip (0.7.0)
      io-like (~> 0.3.0)
    arel (5.0.1.20140414130214)
    autoprefixer-rails (6.6.1)
      execjs
    aws_cf_signer (0.1.3)
    bcrypt (3.1.11)
    bitters (1.5.0)
      bourbon (~> 5.0.0.beta.7)
      sass (~> 3.4)
      thor (~> 0.19)
    bourbon (5.0.0.beta.7)
      sass (~> 3.4.22)
      thor (~> 0.19.1)
    builder (3.2.3)
    capybara (2.11.0)
      addressable
      mime-types (>= 1.16)
      nokogiri (>= 1.3.3)
      rack (>= 1.0.0)
      rack-test (>= 0.5.4)
      xpath (~> 2.0)
    carrierwave (1.0.0)
      activemodel (>= 4.0.0)
      activesupport (>= 4.0.0)
      mime-types (>= 1.16)
    childprocess (0.5.9)
      ffi (~> 1.0, >= 1.0.11)
    chromedriver-helper (1.0.0)
      archive-zip (~> 0.7.0)
      nokogiri (~> 1.6)
    chunky_png (1.3.8)
    cloudinary (1.3.0)
      aws_cf_signer
      rest-client
    coffee-rails (4.2.1)
      coffee-script (>= 2.2.0)
      railties (>= 4.0.0, < 5.2.x)
    coffee-script (2.4.1)
      coffee-script-source
      execjs
    coffee-script-source (1.12.2)
    compass (1.0.3)
      chunky_png (~> 1.2)
      compass-core (~> 1.0.2)
      compass-import-once (~> 1.0.5)
      rb-fsevent (>= 0.9.3)
      rb-inotify (>= 0.9)
      sass (>= 3.3.13, < 3.5)
    compass-core (1.0.3)
      multi_json (~> 1.0)
      sass (>= 3.3.0, < 3.5)
    compass-import-once (1.0.5)
      sass (>= 3.2, < 3.5)
    compass-rails (3.0.2)
      compass (~> 1.0.0)
      sass-rails (< 5.1)
      sprockets (< 4.0)
    concurrent-ruby (1.0.4)
    daemons (1.2.4)
    database_cleaner (1.5.3)
    devise (4.2.0)
      bcrypt (~> 3.0)
      orm_adapter (~> 0.1)
      railties (>= 4.1.0, < 5.1)
      responders
      warden (~> 1.2.3)
    diff-lcs (1.2.5)
    discogs-wrapper (2.1.4)
      hashie (~> 3.0)
      oauth (~> 0.4.7)
    domain_name (0.5.20161129)
      unf (>= 0.0.5, < 1.0.0)
    erb2haml (0.1.5)
      html2haml
    erubis (2.7.0)
    eventmachine (1.2.1)
    execjs (2.7.0)
    factory_girl (4.8.0)
      activesupport (>= 3.0.0)
    factory_girl_rails (4.8.0)
      factory_girl (~> 4.8.0)
      railties (>= 3.0.0)
    faker (1.7.2)
      i18n (~> 0.5)
    ffi (1.9.17)
    figaro (1.1.1)
      thor (~> 0.14)
    formtastic (3.1.4)
      actionpack (>= 3.2.13)
    formtastic_i18n (0.6.0)
    gon (6.1.0)
      actionpack (>= 3.0)
      json
      multi_json
      request_store (>= 1.0)
    haml (4.0.7)
      tilt
    haml-rails (0.9.0)
      actionpack (>= 4.0.1)
      activesupport (>= 4.0.1)
      haml (>= 4.0.6, < 5.0)
      html2haml (>= 1.0.1)
      railties (>= 4.0.1)
    has_scope (0.6.0)
      actionpack (>= 3.2, < 5)
      activesupport (>= 3.2, < 5)
    hashie (3.4.6)
    html2haml (2.0.0)
      erubis (~> 2.7.0)
      haml (~> 4.0.0)
      nokogiri (~> 1.6.0)
      ruby_parser (~> 3.5)
    http-cookie (1.0.3)
      domain_name (~> 0.5)
    i18n (0.7.0)
    inherited_resources (1.6.0)
      actionpack (>= 3.2, < 5)
      has_scope (~> 0.6.0.rc)
      railties (>= 3.2, < 5)
      responders
    io-like (0.3.0)
    jbuilder (2.6.1)
      activesupport (>= 3.0.0, < 5.1)
      multi_json (~> 1.2)
    jquery-rails (3.1.4)
      railties (>= 3.0, < 5.0)
      thor (>= 0.14, < 2.0)
    jquery-ui-rails (6.0.1)
      railties (>= 3.2.16)
    json (1.8.6)
    kaminari (1.0.0)
      activesupport (>= 4.1.0)
      kaminari-actionview (= 1.0.0)
      kaminari-activerecord (= 1.0.0)
      kaminari-core (= 1.0.0)
    kaminari-actionview (1.0.0)
      actionview
      kaminari-core (= 1.0.0)
    kaminari-activerecord (1.0.0)
      activerecord
      kaminari-core (= 1.0.0)
    kaminari-core (1.0.0)
    libv8 (3.16.14.17)
    livingstyleguide (2.0.1)
      minisyntax (>= 0.2.5)
      redcarpet
      sass
      thor
      tilt
    mail (2.6.4)
      mime-types (>= 1.16, < 4)
    mime-types (3.1)
      mime-types-data (~> 3.2015)
    mime-types-data (3.2016.0521)
    mini_portile2 (2.1.0)
    minisyntax (0.2.5)
    minitest (5.10.1)
    multi_json (1.12.1)
    neat (1.8.0)
      sass (>= 3.3)
      thor (~> 0.19)
    netrc (0.11.0)
    nokogiri (1.6.8.1)
      mini_portile2 (~> 2.1.0)
    oauth (0.4.7)
    orm_adapter (0.5.0)
    pg (0.19.0)
    polyamorous (1.3.1)
      activerecord (>= 3.0)
    public_suffix (2.0.5)
    rack (1.5.5)
    rack-test (0.6.3)
      rack (>= 1.0)
    rails (4.1.9)
      actionmailer (= 4.1.9)
      actionpack (= 4.1.9)
      actionview (= 4.1.9)
      activemodel (= 4.1.9)
      activerecord (= 4.1.9)
      activesupport (= 4.1.9)
      bundler (>= 1.3.0, < 2.0)
      railties (= 4.1.9)
      sprockets-rails (~> 2.0)
    rails_12factor (0.0.3)
      rails_serve_static_assets
      rails_stdout_logging
    rails_serve_static_assets (0.0.5)
    rails_stdout_logging (0.0.5)
    railties (4.1.9)
      actionpack (= 4.1.9)
      activesupport (= 4.1.9)
      rake (>= 0.8.7)
      thor (>= 0.18.1, < 2.0)
    rake (12.0.0)
    ransack (1.8.2)
      actionpack (>= 3.0)
      activerecord (>= 3.0)
      activesupport (>= 3.0)
      i18n
      polyamorous (~> 1.3)
    rb-fsevent (0.9.8)
    rb-inotify (0.9.7)
      ffi (>= 0.5.0)
    rdoc (4.3.0)
    redcarpet (3.4.0)
    ref (2.0.0)
    request_store (1.3.2)
    responders (1.1.2)
      railties (>= 3.2, < 4.2)
    rest-client (2.0.0)
      http-cookie (>= 1.0.2, < 2.0)
      mime-types (>= 1.16, < 4.0)
      netrc (~> 0.8)
    rspec-core (3.5.4)
      rspec-support (~> 3.5.0)
    rspec-expectations (3.5.0)
      diff-lcs (>= 1.2.0, < 2.0)
      rspec-support (~> 3.5.0)
    rspec-mocks (3.5.0)
      diff-lcs (>= 1.2.0, < 2.0)
      rspec-support (~> 3.5.0)
    rspec-rails (3.5.2)
      actionpack (>= 3.0)
      activesupport (>= 3.0)
      railties (>= 3.0)
      rspec-core (~> 3.5.0)
      rspec-expectations (~> 3.5.0)
      rspec-mocks (~> 3.5.0)
      rspec-support (~> 3.5.0)
    rspec-support (3.5.0)
    ruby_parser (3.8.4)
      sexp_processor (~> 4.1)
    rubyzip (1.2.0)
    sass (3.4.23)
    sass-rails (5.0.6)
      railties (>= 4.0.0, < 6)
      sass (~> 3.1)
      sprockets (>= 2.8, < 4.0)
      sprockets-rails (>= 2.0, < 4.0)
      tilt (>= 1.1, < 3)
    sdoc (0.4.2)
      json (~> 1.7, >= 1.7.7)
      rdoc (~> 4.0)
    selenium-webdriver (3.0.5)
      childprocess (~> 0.5)
      rubyzip (~> 1.0)
      websocket (~> 1.0)
    sexp_processor (4.7.0)
    shoulda-matchers (3.1.1)
      activesupport (>= 4.0.0)
    spring (1.7.2)
    sprockets (3.7.1)
      concurrent-ruby (~> 1.0)
      rack (> 1, < 3)
    sprockets-rails (2.3.3)
      actionpack (>= 3.0)
      activesupport (>= 3.0)
      sprockets (>= 2.8, < 4.0)
    table_print (1.5.6)
    therubyracer (0.12.3)
      libv8 (~> 3.16.14.15)
      ref
    thin (1.7.0)
      daemons (~> 1.0, >= 1.0.9)
      eventmachine (~> 1.0, >= 1.0.4)
      rack (>= 1, < 3)
    thor (0.19.4)
    thread_safe (0.3.5)
    tilt (2.0.5)
    tinymce-rails (4.5.2)
      railties (>= 3.1.1)
    turbolinks (5.0.1)
      turbolinks-source (~> 5)
    turbolinks-source (5.0.0)
    tzinfo (1.2.2)
      thread_safe (~> 0.1)
    uglifier (3.0.4)
      execjs (>= 0.3.0, < 3)
    unf (0.1.4)
      unf_ext
    unf_ext (0.0.7.2)
    warden (1.2.6)
      rack (>= 1.0)
    websocket (1.2.3)
    xpath (2.0.0)
      nokogiri (~> 1.3)

PLATFORMS
  ruby

DEPENDENCIES
  activeadmin!
  angularjs-rails
  autoprefixer-rails
  bitters
  bourbon
  capybara
  carrierwave
  chromedriver-helper
  cloudinary
  compass-rails
  database_cleaner
  devise
  discogs-wrapper
  erb2haml
  factory_girl_rails
  faker
  figaro
  gon
  haml-rails
  jbuilder (~> 2.0)
  jquery-rails
  livingstyleguide
  neat
  pg
  rails (= 4.1.9)
  rails_12factor
  rake
  rspec-rails
  sass-rails (~> 5.0.0.beta1)
  sdoc
  selenium-webdriver
  shoulda-matchers (~> 3.1)
  spring
  table_print
  therubyracer
  thin
  thor
  tinymce-rails
  turbolinks
  uglifier (>= 1.3.0)

RUBY VERSION
   ruby 2.3.3p222

BUNDLED WITH
   1.13.7
